PATH
  remote: .
  specs:
    obarc (0.5.2)
      logging (~> 2.1, >= 2.1.0)
      rest-client (~> 1.8, >= 1.8.0)

GEM
  remote: https://rubygems.org/
  specs:
    addressable (2.5.1)
      public_suffix (~> 2.0, >= 2.0.2)
    codeclimate-test-reporter (0.5.2)
      simplecov (>= 0.7.1, < 1.0.0)
    coderay (1.1.1)
    crack (0.4.3)
      safe_yaml (~> 1.0.0)
    docile (1.1.5)
    domain_name (0.5.20170223)
      unf (>= 0.0.5, < 1.0.0)
    hashdiff (0.3.2)
    http-cookie (1.0.3)
      domain_name (~> 0.5)
    json (1.8.6)
    little-plugger (1.1.4)
    logging (2.2.0)
      little-plugger (~> 1.1)
      multi_json (~> 1.10)
    method_source (0.8.2)
    mime-types (2.99.3)
    minitest (5.10.1)
    minitest-line (0.6.3)
      minitest (~> 5.0)
    multi_json (1.12.1)
    netrc (0.11.0)
    pry (0.10.4)
      coderay (~> 1.1.0)
      method_source (~> 0.8.1)
      slop (~> 3.4)
    public_suffix (2.0.5)
    rake (11.3.0)
    rest-client (1.8.0)
      http-cookie (>= 1.0.2, < 2.0)
      mime-types (>= 1.16, < 3.0)
      netrc (~> 0.7)
    safe_yaml (1.0.4)
    simplecov (0.11.2)
      docile (~> 1.1.0)
      json (~> 1.8)
      simplecov-html (~> 0.10.0)
    simplecov-html (0.10.0)
    slop (3.6.0)
    unf (0.1.4)
      unf_ext
    unf_ext (0.0.7.2)
    webmock (2.3.2)
      addressable (>= 2.3.6)
      crack (>= 0.3.2)
      hashdiff
    yard (0.8.7.6)

PLATFORMS
  ruby

DEPENDENCIES
  bundler (~> 1.11)
  codeclimate-test-reporter (~> 0.5.2)
  minitest (~> 5.9, >= 5.9.0)
  minitest-line (~> 0.6.3)
  obarc!
  pry (~> 0.10.3)
  rake (~> 11.2, >= 11.2.2)
  simplecov (~> 0.11.2)
  webmock (~> 2.1, >= 2.1.0)
  yard (~> 0.8.7.6)

BUNDLED WITH
   1.14.3
